PATH
  remote: .
  specs:
    google-protobuf (4.31.0)
      bigdecimal
      rake (>= 13)

GEM
  remote: https://rubygems.org/
  specs:
    benchmark-ips (2.14.0)
    bigdecimal (3.1.9)
    ffi (1.17.1)
    ffi (1.17.1-arm64-darwin)
    ffi-compiler (1.3.2)
      ffi (>= 1.15.5)
      rake
    power_assert (2.0.5)
    rake (13.2.1)
    rake-compiler (1.1.9)
      rake
    rake-compiler-dock (1.2.1)
    test-unit (3.6.7)
      power_assert

PLATFORMS
  arm64-darwin
  ruby

DEPENDENCIES
  benchmark-ips (= 2.14.0)
  ffi (~> 1)
  ffi-compiler (~> 1)
  google-protobuf!
  rake-compiler (~> 1.1.0)
  rake-compiler-dock (= 1.2.1)
  test-unit (~> 3.0, >= 3.0.9)

BUNDLED WITH
   2.6.3
